PATH
  remote: .
  specs:
    md_git_wiki (0.1.0)
      front_matter_parser

GEM
  remote: https://rubygems.org/
  specs:
    coderay (1.1.2)
    front_matter_parser (0.2.0)
    method_source (0.9.2)
    minitest (5.11.3)
    pry (0.12.2)
      coderay (~> 1.1.0)
      method_source (~> 0.9.0)
    rake (10.5.0)
    random-word (2.1.1)

PLATFORMS
  ruby

DEPENDENCIES
  bundler (~> 1.17)
  md_git_wiki!
  minitest (~> 5.0)
  pry
  rake (~> 10.0)
  random-word

BUNDLED WITH
   1.17.1
